GEM
  remote: http://rubygems.org/
  specs:
    activesupport (3.2.5)
      i18n (~> 0.6)
      multi_json (~> 1.0)
    diff-lcs (1.1.3)
    git (1.2.5)
    i18n (0.6.0)
    jeweler (1.8.3)
      bundler (~> 1.0)
      git (>= 1.2.5)
      rake
      rdoc
    json (1.7.3)
    multi_json (1.3.6)
    rake (0.9.2.2)
    rdoc (3.12)
      json (~> 1.4)
    redis (3.0.1)
    redis-namespace (1.2.0)
      redis (~> 3.0.0)
    rspec (2.10.0)
      rspec-core (~> 2.10.0)
      rspec-expectations (~> 2.10.0)
      rspec-mocks (~> 2.10.0)
    rspec-core (2.10.1)
    rspec-expectations (2.10.0)
      diff-lcs (~> 1.1.3)
    rspec-mocks (2.10.1)

PLATFORMS
  ruby

DEPENDENCIES
  activesupport (~> 3.2.5)
  bundler (~> 1.1.4)
  i18n
  jeweler (~> 1.8.3)
  rake
  redis (~> 3.0.1)
  redis-namespace (~> 1.2.0)
  rspec (~> 2.10.0)
